GEM
  specs:
    power_assert (0.4.1)
    test-unit (3.2.3)
      power_assert

PLATFORMS
  ruby

DEPENDENCIES
  test-unit

BUNDLED WITH
   1.16.4
